GEM
  remote: https://rubygems.org/
  specs:
    byebug (11.1.3)
    gosu (0.15.2)

PLATFORMS
  ruby

DEPENDENCIES
  byebug
  gosu

BUNDLED WITH
   1.17.2
